PATH
  remote: .
  specs:
    geocollider (0.0.0)
      highline
      pbf_parser
      rgeo
      rgeo-geojson

GEM
  remote: https://rubygems.org/
  specs:
    highline (1.7.8)
    pbf_parser (0.2.0)
    rgeo (0.5.3)
    rgeo-geojson (0.4.3)
      rgeo (~> 0.5)

PLATFORMS
  ruby

DEPENDENCIES
  geocollider!

BUNDLED WITH
   1.13.2
