PATH
  remote: .
  specs:
    geocollider (0.0.0)
      highline
      rgeo
      rgeo-geojson

GEM
  remote: https://rubygems.org/
  specs:
    highline (1.7.8)
    minitest (5.10.1)
    rake (12.0.0)
    rgeo (0.5.3)
    rgeo-geojson (0.4.3)
      rgeo (~> 0.5)

PLATFORMS
  ruby

DEPENDENCIES
  geocollider!
  minitest
  rake

BUNDLED WITH
   1.13.2
